GEM
  remote: http://rubygems.org/
  specs:
    ParseTree (3.0.8)
      RubyInline (>= 3.7.0)
      sexp_processor (>= 3.0.0)
    RubyInline (3.11.0)
      ZenTest (~> 4.3)
    ZenTest (4.6.2)
    addressable (2.2.6)
    awesome_print (0.4.0)
    couchrest (1.1.2)
      mime-types (~> 1.15)
      multi_json (~> 1.0.0)
      rest-client (~> 1.6.1)
    daemons (1.1.4)
    diff-lcs (1.1.3)
    erector (0.9.0.pre1)
      treetop (>= 1.2.3)
    eventmachine (0.12.10)
    fakeweb (1.3.0)
    file-tail (1.0.7)
      tins (~> 0.3)
    foreman (0.26.1)
      term-ansicolor (~> 1.0.5)
      thor (>= 0.13.6)
    heroku (2.14.0)
      launchy (>= 0.3.2)
      rest-client (~> 1.6.1)
      rubyzip
      term-ansicolor (~> 1.0.5)
    launchy (2.0.5)
      addressable (~> 2.2.6)
    mime-types (1.17.2)
    multi_json (1.0.3)
    nokogiri (1.5.0)
    nokogiri-pretty (0.1.0)
      nokogiri
    oauth (0.4.5)
    peach (0.4)
    polyglot (0.3.3)
    predicated (0.2.6)
    rack (1.3.5)
    rack-protection (1.1.4)
      rack
    rake (0.9.2.2)
    rdiscount (1.6.8)
    rerun (0.6.3)
    rest-client (1.6.7)
      mime-types (>= 1.16)
    rspec (2.7.0)
      rspec-core (~> 2.7.0)
      rspec-expectations (~> 2.7.0)
      rspec-mocks (~> 2.7.0)
    rspec-core (2.7.1)
    rspec-expectations (2.7.0)
      diff-lcs (~> 1.1.2)
    rspec-mocks (2.7.0)
    ruby2ruby (1.3.1)
      ruby_parser (~> 2.0)
      sexp_processor (~> 3.0)
    ruby_parser (2.0.6)
      sexp_processor (~> 3.0)
    rubyzip (0.9.4)
    sexp_processor (3.0.8)
    sinatra (1.3.1)
      rack (~> 1.3, >= 1.3.4)
      rack-protection (~> 1.1, >= 1.1.2)
      tilt (~> 1.3, >= 1.3.3)
    sourcify (0.5.0)
      file-tail (>= 1.0.5)
      ruby2ruby (>= 1.2.5)
      ruby_parser (>= 2.0.5)
      sexp_processor (>= 3.0.5)
    term-ansicolor (1.0.7)
    thin (1.3.1)
      daemons (>= 1.0.9)
      eventmachine (>= 0.12.6)
      rack (>= 1.0.0)
    thor (0.14.6)
    tilt (1.3.3)
    tins (0.3.2)
    treetop (1.4.10)
      polyglot
      polyglot (>= 0.3.1)
    wrong (0.6.0)
      ParseTree (~> 3.0)
      diff-lcs (~> 1.1.2)
      file-tail (~> 1.0)
      predicated (>= 0.2.3)
      ruby2ruby (~> 1.2)
      ruby_parser (~> 2.0.4)
      sexp_processor (~> 3.0)
      sourcify (>= 0.3.0)

PLATFORMS
  ruby

DEPENDENCIES
  awesome_print
  couchrest
  erector (>= 0.9.0.pre1)
  fakeweb
  foreman
  heroku
  nokogiri
  nokogiri-pretty
  oauth
  peach
  rake
  rdiscount
  rerun (>= 0.6.3)
  rspec
  sinatra
  thin
  wrong
